GEM
  remote: http://rubygems.org/
  specs:
    builder (3.0.0)
    cucumber (0.10.2)
      builder (>= 2.1.2)
      diff-lcs (>= 1.1.2)
      gherkin (>= 2.3.5)
      json (>= 1.4.6)
      term-ansicolor (>= 1.0.5)
    diff-lcs (1.1.2)
    gherkin (2.3.5-x86-mingw32)
      json (>= 1.4.6)
    json (1.5.1-x86-mingw32)
    nokogiri (1.4.4.1-x86-mingw32)
    rspec (2.4.0)
      rspec-core (~> 2.4.0)
      rspec-expectations (~> 2.4.0)
      rspec-mocks (~> 2.4.0)
    rspec-core (2.4.0)
    rspec-expectations (2.4.0)
      diff-lcs (~> 1.1.2)
    rspec-mocks (2.4.0)
    selenium-client (1.2.18)
    term-ansicolor (1.0.5)

PLATFORMS
  x86-mingw32

DEPENDENCIES
  cucumber (~> 0.10.0)
  nokogiri (~> 1.4.4)
  rspec (~> 2.4.0)
  selenium-client (~> 1.2.18)
